PATH
  remote: .
  specs:
    sparql-client (0.3.1)
      json_pure (>= 1.6.5)
      net-http-persistent (>= 1.4.1)
      rdf (>= 0.3.5)

GEM
  remote: http://rubygems.org/
  specs:
    addressable (2.3.2)
    bouncy-castle-java (1.5.0146.1)
    diff-lcs (1.1.3)
    jruby-openssl (0.7.7)
      bouncy-castle-java (>= 1.5.0146.1)
    json_pure (1.7.5)
    net-http-persistent (2.8)
    rack (1.4.1)
    rdf (0.3.9)
      addressable (>= 2.2.6)
    rdf-spec (0.3.8)
      rspec (>= 2.8.0)
    rspec (2.12.0)
      rspec-core (~> 2.12.0)
      rspec-expectations (~> 2.12.0)
      rspec-mocks (~> 2.12.0)
    rspec-core (2.12.0)
    rspec-expectations (2.12.0)
      diff-lcs (~> 1.1.3)
    rspec-mocks (2.12.0)
    shotgun (0.9)
      rack (>= 1.0)
    wirble (0.1.3)
    yard (0.8.3)

PLATFORMS
  java
  ruby

DEPENDENCIES
  jruby-openssl
  rdf-spec (>= 0.3.5)
  rspec (>= 2.10.0)
  shotgun
  sparql-client!
  wirble
  yard (>= 0.7.5)
